GEM
  remote: http://rubygems.org/
  specs:
    activesupport (3.1.3)
      multi_json (~> 1.0)
    addressable (2.2.6)
    diff-lcs (1.1.3)
    excon (0.5.8)
    faraday (0.5.7)
      addressable (~> 2.2.4)
      multipart-post (~> 1.1.0)
      rack (>= 1.1.0, < 2)
    i18n (0.6.0)
    multi_json (1.0.4)
    multipart-post (1.1.4)
    rack (1.4.0)
    rake (0.9.2.2)
    rspec (2.8.0)
      rspec-core (~> 2.8.0)
      rspec-expectations (~> 2.8.0)
      rspec-mocks (~> 2.8.0)
    rspec-core (2.8.0)
    rspec-expectations (2.8.0)
      diff-lcs (~> 1.1.2)
    rspec-mocks (2.8.0)
    yajl-ruby (0.8.3)

PLATFORMS
  ruby

DEPENDENCIES
  activesupport (>= 3.0.4)
  bundler (>= 1.0.0)
  excon (~> 0.5.6)
  faraday (~> 0.5.7)
  i18n (>= 0.5.0)
  rake (>= 0.8.7)
  rspec (>= 2.1.0)
  yajl-ruby (~> 0.8.1)
