GEM
  remote: https://rubygems.org/
  specs:
    activesupport (3.0.20)
    addressable (2.2.8)
    diff-lcs (1.2.4)
    excon (0.27.0)
    faraday (0.5.7)
      addressable (~> 2.2.4)
      multipart-post (~> 1.1.0)
      rack (>= 1.1.0, < 2)
      rack (>= 1.1.0, < 2)
    i18n (0.5.0)
    multipart-post (1.1.5)
    rack (1.5.2)
    rake (10.1.0)
    rspec (2.14.1)
      rspec-core (~> 2.14.0)
      rspec-expectations (~> 2.14.0)
      rspec-mocks (~> 2.14.0)
    rspec-core (2.14.5)
    rspec-expectations (2.14.3)
      diff-lcs (>= 1.1.3, < 2.0)
    rspec-mocks (2.14.3)
    yajl-ruby (0.8.3)

PLATFORMS
  ruby

DEPENDENCIES
  activesupport (~> 3.0.4)
  bundler
  excon
  faraday (~> 0.5.7)
  i18n (~> 0.5.0)
  rake (~> 10.1.0)
  rspec (~> 2.14.1)
  yajl-ruby (~> 0.8.1)
