GEM
  remote: http://rubygems.org/
  specs:
    activesupport (3.0.4)
    addressable (2.2.4)
    diff-lcs (1.1.2)
    excon (0.5.6)
    faraday (0.5.7)
      addressable (~> 2.2.4)
      multipart-post (~> 1.1.0)
      rack (>= 1.1.0, < 2)
    i18n (0.5.0)
    multipart-post (1.1.0)
    rack (1.6.13)
    rake (0.8.7)
    rspec (2.1.0)
      rspec-core (~> 2.1.0)
      rspec-expectations (~> 2.1.0)
      rspec-mocks (~> 2.1.0)
    rspec-core (2.1.0)
    rspec-expectations (2.1.0)
      diff-lcs (~> 1.1.2)
    rspec-mocks (2.1.0)
    yajl-ruby (0.8.1)

PLATFORMS
  ruby

DEPENDENCIES
  activesupport (~> 3.0.4)
  bundler (~> 1.0.0)
  excon (~> 0.5.6)
  faraday (~> 0.5.7)
  i18n (~> 0.5.0)
  rake (~> 0.8.7)
  rspec (= 2.1.0)
  yajl-ruby (~> 0.8.1)
